GEM
  remote: http://rubygems.org/
  remote: http://gems.github.com/
  specs:
    actionmailer (2.3.11)
      actionpack (= 2.3.11)
    actionpack (2.3.11)
      activesupport (= 2.3.11)
      rack (~> 1.1.0)
    activerecord (2.3.11)
      activesupport (= 2.3.11)
    activeresource (2.3.11)
      activesupport (= 2.3.11)
    activesupport (2.3.11)
    authlogic (2.1.9)
      activerecord (~> 2.3.0)
      activesupport (~> 2.3.0)
    aws-s3 (0.6.3)
      builder
      mime-types
      xml-simple
    builder (3.1.4)
    cancan (1.6.8)
    capybara (2.0.1)
      mime-types (>= 1.16)
      nokogiri (>= 1.3.3)
      rack (>= 1.0.0)
      rack-test (>= 0.5.4)
      selenium-webdriver (~> 2.0)
      xpath (~> 1.0.0)
    childprocess (0.3.6)
      ffi (~> 1.0, >= 1.0.6)
    columnize (0.3.6)
    cucumber (1.2.1)
      builder (>= 2.1.2)
      diff-lcs (>= 1.1.3)
      gherkin (~> 2.11.0)
      json (>= 1.4.6)
    cucumber-rails (1.3.0)
      capybara (>= 1.1.2)
      cucumber (>= 1.1.8)
      nokogiri (>= 1.5.0)
    database_cleaner (0.9.1)
    diff-lcs (1.1.3)
    ffi (1.2.0)
    fluent-logger (0.4.3)
      msgpack (~> 0.4.4)
      yajl-ruby (~> 1.0)
    gherkin (2.11.5)
      json (>= 1.4.6)
    hirb (0.7.0)
    json (1.7.5)
    libwebsocket (0.1.6.1)
      websocket
    linecache (0.46)
      rbx-require-relative (> 0.0.4)
    mime-types (1.19)
    msgpack (0.4.7)
    multi_json (1.3.7)
    newrelic_rpm (3.5.2.17)
    nifty-generators (0.4.6)
    nokogiri (1.5.5)
    pg (0.14.1)
    rack (1.1.3)
    rack-test (0.6.2)
      rack (>= 1.0)
    rails (2.3.11)
      actionmailer (= 2.3.11)
      actionpack (= 2.3.11)
      activerecord (= 2.3.11)
      activeresource (= 2.3.11)
      activesupport (= 2.3.11)
      rake (>= 0.8.3)
    rake (10.0.2)
    rbx-require-relative (0.0.9)
    rcov (1.0.0)
    rdoc (3.12)
      json (~> 1.4)
    rspec (2.12.0)
      rspec-core (~> 2.12.0)
      rspec-expectations (~> 2.12.0)
      rspec-mocks (~> 2.12.0)
    rspec-core (2.12.0)
    rspec-expectations (2.12.0)
      diff-lcs (~> 1.1.3)
    rspec-mocks (2.12.0)
    rspec-rails (1.3.2)
      rack (>= 1.0.0)
      rspec (>= 1.3.0)
    ruby-debug (0.10.4)
      columnize (>= 0.1)
      ruby-debug-base (~> 0.10.4.0)
    ruby-debug-base (0.10.4)
      linecache (>= 0.3)
    rubyzip (0.9.9)
    selenium-webdriver (2.26.0)
      childprocess (>= 0.2.5)
      libwebsocket (~> 0.1.3)
      multi_json (~> 1.0)
      rubyzip
    td (0.10.61)
      hirb (>= 0.4.5)
      msgpack (~> 0.4.4)
      td-client (~> 0.8.37)
      td-logger (~> 0.3.16)
    td-client (0.8.38)
    td-logger (0.3.16)
      fluent-logger (~> 0.4.1)
      msgpack (~> 0.4.4)
      td-client (~> 0.8.4)
    webrat (0.7.3)
      nokogiri (>= 1.2.0)
      rack (>= 1.0)
      rack-test (>= 0.5.3)
    websocket (1.0.4)
    will_paginate (2.3.11)
    xml-simple (1.1.2)
    xpath (1.0.0)
      nokogiri (~> 1.3)
    yajl-ruby (1.1.0)

PLATFORMS
  ruby

DEPENDENCIES
  authlogic
  aws-s3
  cancan
  cucumber (>= 0.3.2)
  cucumber-rails (>= 0.3.2)
  database_cleaner (>= 0.5.0)
  newrelic_rpm
  nifty-generators
  pg
  rails (= 2.3.11)
  rcov
  rdoc
  rspec (>= 1.2.2)
  rspec-rails (>= 1.2.2)
  ruby-debug
  td
  webrat (>= 0.7.0)
  will_paginate (= 2.3.11)
